PATH
  remote: /Users/rlevy/code/learning/ultimate_tic_tac_toe
  specs:
    ultimate_tic_tac_toe (0.0.22)

GEM
  remote: https://rubygems.org/
  specs:

PLATFORMS
  ruby

DEPENDENCIES
  ultimate_tic_tac_toe!
