GEM
  remote: https://rubygems.org/
  specs:
    ultimate_tic_tac_toe (0.0.21)

PLATFORMS
  ruby

DEPENDENCIES
  ultimate_tic_tac_toe
